{
  "AcquisitionMatrixPE": 104,
  "AcquisitionNumber": 1,
  "AcquisitionTime": "16:02:16.580000",
  "BandwidthPerPixelPhaseEncode": 17.17,
  "BaseResolution": 104,
  "BodyPartExamined": "BRAIN",
  "CoilString": "HC1-7;NC1_2",
  "ConsistencyInfo": "N4_VE11C_LATEST_20160120",
  "ConversionSoftware": "dcm2niix",
  "ConversionSoftwareVersion": "v1.0.20190902",
  "DerivedVendorReportedEchoSpacing": 0.000560011,
  "DeviceSerialNumber": "167006",
  "DwellTime": 2.1e-06,
  "EchoTime": 0.037,
  "EchoTrainLength": 104,
  "EffectiveEchoSpacing": 0.000560011,
  "FlipAngle": 52,
  "ImageComments": "Single-band_reference",
  "ImageOrientationPatientDICOM": [0.99968, -0.0252111, 0.00186216, 0.0239079, 0.918922, -0.393713],
  "ImageType": [
    "ORIGINAL",
    "PRIMARY",
    "M",
    "ND",
    "MOSAIC"
],
  "ImagingFrequency": 123.259,
  "InPlanePhaseEncodingDirectionDICOM": "COL",
  "InstitutionAddress": "Chemin_Queen-Mary_4565_Montreal_District_CA_H3W_1W5",
  "InstitutionName": "IUGM",
  "InstitutionalDepartmentName": "Department",
  "IntendedFor": [
    "ses-011/func/sub-06_ses-011_task-shinobi_run-04_bold.nii.gz"
],
  "MRAcquisitionType": "2D",
  "MagneticFieldStrength": 3,
  "Manufacturer": "Siemens",
  "ManufacturersModelName": "Prisma_fit",
  "Modality": "MR",
  "PartialFourier": 1,
  "PatientPosition": "HFS",
  "PercentPhaseFOV": 100,
  "PhaseEncodingDirection": "j",
  "PhaseEncodingSteps": 104,
  "PhaseResolution": 1,
  "PixelBandwidth": 2290,
  "ProcedureStepDescription": "games_shinobi",
  "ProtocolName": "func_task-shinobi_run-4",
  "PulseSequenceDetails": "%CustomerSeq%_cmrr_mbep2d_bold",
  "ReceiveCoilActiveElements": "HC1-7;NC1,2",
  "ReceiveCoilName": "HeadNeck_64",
  "ReconMatrixPE": 104,
  "RepetitionTime": 1.49,
  "SAR": 0.0303155,
  "ScanOptions": "FS",
  "ScanningSequence": "EP",
  "SequenceName": "epfid2d1_104",
  "SequenceVariant": "SK_SS",
  "SeriesDescription": "func_task-shinobi_run-4_SBRef",
  "SeriesNumber": 23,
  "ShimSetting": [639, -7263, -8840, 563, 32, -254, -114, -14],
  "SliceThickness": 2,
  "SliceTiming": [0, 0.1, 0.1975, 0.295, 0.3925, 0.49, 0.59, 0.6875, 0.785, 0.8825, 0.98, 1.08, 1.1775, 1.275, 1.3725, 1.47, 1.57, 1.6675, 1.765, 1.8625, 1.96, 2.06, 2.1575, 2.255, 2.3525, 2.45, 2.55, 2.6475, 2.745, 2.8425, 2.94, 3.0375, 3.1375, 3.235, 3.3325, 3.43, 3.5275, 3.6275, 3.725, 3.8225, 3.92, 4.0175, 4.1175, 4.215, 4.3125, 4.41, 4.5075, 4.6075, 4.705, 4.8025, 4.9, 4.9975, 5.0975, 5.195, 5.2925, 5.39, 5.4875, 5.5875, 5.685, 5.7825],
  "SoftwareVersions": "syngo_MR_E11",
  "SpacingBetweenSlices": 2,
  "StationName": "MRC35049",
  "TotalReadoutTime": 0.0576811,
  "TxRefAmp": 218.826,
  "WipMemBlock": "88fcb193-cd8b-43e4-9e78-cf58cdffb608||Sequence: R016 ve11c/master r/e634e98; Dec 19 2017 11:00:25 by eja",
  "dcmmeta_affine": [
    [-1.9993607997894287, 0.0478157140314579, -0.016429530456662178, 103.82215881347656],
    [0.05042223259806633, 1.8378448486328125, -0.7872635126113892, -63.12803268432617],
    [0.003724318463355303, 0.7874261140823364, 1.8384630680084229, -72.35066223144531],
    [0.0, 0.0, 0.0, 1.0]
],
  "dcmmeta_reorient_transform": [
    [0.0, -1.0, 0.0, 103.0],
    [1.0, 0.0, 0.0, 0.0],
    [0.0, 0.0, 1.0, 0.0],
    [0.0, 0.0, 0.0, 1.0]
],
  "dcmmeta_shape": [104, 104, 60],
  "dcmmeta_slice_dim": 2,
  "dcmmeta_version": 0.6,
  "global": {
    "const": {
      "AcquisitionMatrix": [104, 0, 0, 104],
      "AcquisitionNumber": 1,
      "AcquisitionTime": "160216.580000",
      "AngioFlag": "N",
      "BitsAllocated": 16,
      "BitsStored": 16,
      "BodyPartExamined": "BRAIN",
      "Columns": 832,
      "ContentTime": "160351.887000",
      "EchoNumbers": 1,
      "EchoTime": 37.0,
      "EchoTrainLength": 104,
      "FlipAngle": 52.0,
      "HighBit": 15,
      "ImageOrientationPatient": [0.99968041494127, -0.0252111155221, 0.00186215922611, 0.0239078566826, 0.9189224359047, -0.393713056908],
      "ImagePositionPatient": [-853.91943737146, -776.79182902584, 294.02168065121],
      "ImageType": [
        "ORIGINAL",
        "PRIMARY",
        "M",
        "ND",
        "MOSAIC"
],
      "ImagedNucleus": "1H",
      "ImagingFrequency": 123.258992,
      "InPlanePhaseEncodingDirection": "COL",
      "InstanceCreationTime": "160351.887000",
      "InstanceNumber": 1,
      "LargestImagePixelValue": 52232,
      "MRAcquisitionType": "2D",
      "MagneticFieldStrength": 3.0,
      "Manufacturer": "SIEMENS",
      "ManufacturerModelName": "Prisma_fit",
      "Modality": "MR",
      "NumberOfAverages": 1.0,
      "NumberOfPhaseEncodingSteps": 104,
      "PercentPhaseFieldOfView": 100.0,
      "PercentSampling": 100.0,
      "PerformedProcedureStepStartTime": "150011.423000",
      "PhotometricInterpretation": "MONOCHROME2",
      "PixelBandwidth": 2290.0,
      "PixelRepresentation": 0,
      "PixelSpacing": [2.0, 2.0],
      "ProtocolName": "func_task-shinobi_run-4",
      "RepetitionTime": 1490.0,
      "Rows": 832,
      "SAR": 0.03031545251838,
      "SamplesPerPixel": 1,
      "ScanOptions": "FS",
      "ScanningSequence": "EP",
      "SequenceName": "epfid2d1_104",
      "SequenceVariant": [
        "SK",
        "SS"
],
      "SeriesDescription": "func_task-shinobi_run-4_SBRef",
      "SeriesNumber": 23,
      "SeriesTime": "160351.884000",
      "SliceLocation": -42.510684533143,
      "SliceThickness": 2.0,
      "SmallestImagePixelValue": 0,
      "SoftwareVersions": "syngo MR E11",
      "SpacingBetweenSlices": 2.0000000258678,
      "SpecificCharacterSet": "ISO_IR 100",
      "StudyID": "1",
      "StudyTime": "150011.363000",
      "TransmitCoilName": "Body",
      "VariableFlipAngleFlag": "N",
      "WindowCenter": 11779.0,
      "WindowCenterWidthExplanation": "Algo1",
      "WindowWidth": 25381.0,
      "dBdt": 0.0},
    "slices": {}
  }
}