{
  "AcquisitionMatrixPE": 104,
  "AcquisitionNumber": 1,
  "AcquisitionTime": "15:28:6.982500",
  "BandwidthPerPixelPhaseEncode": 17.17,
  "BaseResolution": 104,
  "BodyPartExamined": "BRAIN",
  "CoilString": "HC1-7;NC1_2",
  "ConsistencyInfo": "N4_VE11C_LATEST_20160120",
  "ConversionSoftware": "dcm2niix",
  "ConversionSoftwareVersion": "v1.0.20190902",
  "DerivedVendorReportedEchoSpacing": 0.000560011,
  "DeviceSerialNumber": "167006",
  "DwellTime": 2.1e-06,
  "EchoTime": 0.037,
  "EchoTrainLength": 104,
  "EffectiveEchoSpacing": 0.000560011,
  "FlipAngle": 52,
  "ImageComments": "Unaliased_MB4_PE3_LB",
  "ImageOrientationPatientDICOM": [0.997916, -0.060562, 0.0222862, 0.0645323, 0.936591, -0.344431],
  "ImageType": [
    "ORIGINAL",
    "PRIMARY",
    "M",
    "MB",
    "ND",
    "MOSAIC"
],
  "ImagingFrequency": 123.259,
  "InPlanePhaseEncodingDirectionDICOM": "COL",
  "InstitutionAddress": "Chemin_Queen-Mary_4565_Montreal_District_CA_H3W_1W5",
  "InstitutionName": "IUGM",
  "InstitutionalDepartmentName": "Department",
  "MRAcquisitionType": "2D",
  "MagneticFieldStrength": 3,
  "Manufacturer": "Siemens",
  "ManufacturersModelName": "Prisma_fit",
  "Modality": "MR",
  "MultibandAccelerationFactor": 4,
  "PartialFourier": 1,
  "PatientPosition": "HFS",
  "PercentPhaseFOV": 100,
  "PhaseEncodingDirection": "j",
  "PhaseEncodingSteps": 104,
  "PhaseResolution": 1,
  "PixelBandwidth": 2290,
  "ProcedureStepDescription": "games_shinobi",
  "ProtocolName": "func_task-shinobi_run-1",
  "PulseSequenceDetails": "%CustomerSeq%_cmrr_mbep2d_bold",
  "ReceiveCoilActiveElements": "HC1-7;NC1,2",
  "ReceiveCoilName": "HeadNeck_64",
  "ReconMatrixPE": 104,
  "RepetitionTime": 1.49,
  "SAR": 0.031959,
  "ScanOptions": "FS",
  "ScanningSequence": "EP",
  "SequenceName": "epfid2d1_104",
  "SequenceVariant": "SK_SS",
  "SeriesDescription": "func_task-shinobi_run-1",
  "SeriesNumber": 11,
  "ShimSetting": [637, -7270, -8849, 589, 15, -281, 4, -16],
  "SliceThickness": 2,
  "SliceTiming": [0, 0.7825, 0.0975, 0.88, 0.195, 0.98, 0.2925, 1.0775, 0.3925, 1.175, 0.49, 1.2725, 0.5875, 1.37, 0.685, 0, 0.7825, 0.0975, 0.88, 0.195, 0.98, 0.2925, 1.0775, 0.3925, 1.175, 0.49, 1.2725, 0.5875, 1.37, 0.685, 0, 0.7825, 0.0975, 0.88, 0.195, 0.98, 0.2925, 1.0775, 0.3925, 1.175, 0.49, 1.2725, 0.5875, 1.37, 0.685, 0, 0.7825, 0.0975, 0.88, 0.195, 0.98, 0.2925, 1.0775, 0.3925, 1.175, 0.49, 1.2725, 0.5875, 1.37, 0.685],
  "SoftwareVersions": "syngo_MR_E11",
  "SpacingBetweenSlices": 2,
  "StationName": "MRC35049",
  "TaskName": "shinobi",
  "TotalReadoutTime": 0.0576811,
  "TxRefAmp": 222.1,
  "WipMemBlock": "2d628578-c962-4483-9402-bcec74a68935||Sequence: R016 ve11c/master r/e634e98; Dec 19 2017 11:00:25 by eja",
  "dcmmeta_affine": [
    [-1.9958312511444092, 0.12906469404697418, 2.7191474146093242e-05, 99.8736343383789],
    [0.12112391740083694, 1.8731820583343506, -0.6903029680252075, -70.39319610595703],
    [0.044572338461875916, 0.6888624429702759, 1.8770939111709595, -70.6681137084961],
    [0.0, 0.0, 0.0, 1.0]
],
  "dcmmeta_reorient_transform": [
    [0.0, -1.0, 0.0, 103.0],
    [1.0, 0.0, 0.0, 0.0],
    [0.0, 0.0, 1.0, 0.0],
    [0.0, 0.0, 0.0, 1.0]
],
  "dcmmeta_shape": [104, 104, 60, 25],
  "dcmmeta_slice_dim": 2,
  "dcmmeta_version": 0.6,
  "global": {
    "const": {
      "AcquisitionMatrix": [104, 0, 0, 104],
      "AngioFlag": "N",
      "BitsAllocated": 16,
      "BitsStored": 16,
      "BodyPartExamined": "BRAIN",
      "Columns": 832,
      "EchoNumbers": 1,
      "EchoTime": 37.0,
      "EchoTrainLength": 104,
      "FlipAngle": 52.0,
      "HighBit": 15,
      "ImageOrientationPatient": [0.99791561560958, -0.0605619583595, 0.02228616885462, 0.06453234799469, 0.93659100320896, -0.3444312250223],
      "ImagePositionPatient": [-886.62941709113, -760.29369583235, 234.8063182012],
      "ImageType": [
        "ORIGINAL",
        "PRIMARY",
        "M",
        "MB",
        "ND",
        "MOSAIC"
],
      "ImagedNucleus": "1H",
      "ImagingFrequency": 123.258997,
      "InPlanePhaseEncodingDirection": "COL",
      "MRAcquisitionType": "2D",
      "MagneticFieldStrength": 3.0,
      "Manufacturer": "SIEMENS",
      "ManufacturerModelName": "Prisma_fit",
      "Modality": "MR",
      "NumberOfAverages": 1.0,
      "NumberOfPhaseEncodingSteps": 104,
      "PercentPhaseFieldOfView": 100.0,
      "PercentSampling": 100.0,
      "PerformedProcedureStepStartTime": "150721.458000",
      "PhotometricInterpretation": "MONOCHROME2",
      "PixelBandwidth": 2290.0,
      "PixelRepresentation": 0,
      "PixelSpacing": [2.0, 2.0],
      "ProtocolName": "func_task-shinobi_run-1",
      "RepetitionTime": 1490.0,
      "Rows": 832,
      "SAR": 0.03195898052616,
      "SamplesPerPixel": 1,
      "ScanOptions": "FS",
      "ScanningSequence": "EP",
      "SequenceName": "epfid2d1_104",
      "SequenceVariant": [
        "SK",
        "SS"
],
      "SeriesDescription": "func_task-shinobi_run-1",
      "SeriesNumber": 11,
      "SeriesTime": "152904.039000",
      "SliceLocation": -42.027673639849,
      "SliceThickness": 2.0,
      "SmallestImagePixelValue": 0,
      "SoftwareVersions": "syngo MR E11",
      "SpacingBetweenSlices": 1.9999999706644,
      "SpecificCharacterSet": "ISO_IR 100",
      "StudyID": "1",
      "StudyTime": "150721.387000",
      "TransmitCoilName": "Body",
      "VariableFlipAngleFlag": "N",
      "WindowCenterWidthExplanation": "Algo1",
      "dBdt": 0.0},
    "slices": {}
  },
  "time": {
    "samples": {
      "AcquisitionNumber": [1, 2, 3, 4, 5, 6, 7, 8, 9, 10, 11, 12, 13, 14, 15, 16, 17, 18, 19, 20, 21, 22, 23, 24, 25],
      "AcquisitionTime": ["152806.982500", "152808.472500", "152809.962500", "152811.452500", "152812.942500", "152814.432500", "152815.922500", "152817.412500", "152818.902500", "152820.392500", "152821.882500", "152823.372500", "152824.862500", "152826.352500", "152827.842500", "152829.332500", "152830.822500", "152832.312500", "152833.802500", "152835.292500", "152836.782500", "152838.272500", "152839.762500", "152841.252500", "152842.742500"],
      "ContentTime": ["152904.043000", "152904.046000", "152904.049000", "152904.052000", "152904.055000", "152923.339000", "152923.342000", "152923.345000", "152923.348000", "152923.350000", "152923.363000", "152923.372000", "152923.375000", "152923.378000", "152923.381000", "152923.384000", "152923.387000", "152923.389000", "152923.392000", "152923.395000", "152923.398000", "152923.401000", "152923.404000", "152923.407000", "152923.427000"],
      "InstanceCreationTime": ["152904.043000", "152904.046000", "152904.049000", "152904.052000", "152904.055000", "152923.339000", "152923.342000", "152923.345000", "152923.348000", "152923.350000", "152923.363000", "152923.372000", "152923.375000", "152923.378000", "152923.381000", "152923.384000", "152923.387000", "152923.389000", "152923.392000", "152923.395000", "152923.398000", "152923.401000", "152923.404000", "152923.407000", "152923.427000"],
      "InstanceNumber": [1, 2, 3, 4, 5, 6, 7, 8, 9, 10, 11, 12, 13, 14, 15, 16, 17, 18, 19, 20, 21, 22, 23, 24, 25],
      "LargestImagePixelValue": [44901, 43859, 43631, 43018, 43211, 42086, 41629, 41346, 42359, 41417, 41486, 42679, 42797, 41608, 42867, 42815, 43548, 42854, 43055, 43406, 42697, 42759, 42835, 43072, 42290],
      "WindowCenter": [10308.0, 10247.0, 10230.0, 10237.0, 10258.0, 10264.0, 10252.0, 10237.0, 10237.0, 10233.0, 10250.0, 10259.0, 10260.0, 10273.0, 10285.0, 10269.0, 10255.0, 10243.0, 10240.0, 10239.0, 10222.0, 10217.0, 10209.0, 10215.0, 10212.0],
      "WindowWidth": [22273.0, 22095.0, 22029.0, 22033.0, 22075.0, 22093.0, 22068.0, 22035.0, 22028.0, 22023.0, 22061.0, 22076.0, 22076.0, 22110.0, 22134.0, 22096.0, 22059.0, 22034.0, 22025.0, 22023.0, 21988.0, 21973.0, 21956.0, 21971.0, 21972.0]
    },
    "slices": {}
  }
}