{
  "AcquisitionMatrixPE": 104,
  "AcquisitionNumber": 1,
  "AcquisitionTime": "10:54:21.102500",
  "BandwidthPerPixelPhaseEncode": 17.17,
  "BaseResolution": 104,
  "BodyPartExamined": "BRAIN",
  "CoilString": "HC1-7;NC1_2",
  "ConsistencyInfo": "N4_VE11C_LATEST_20160120",
  "ConversionSoftware": "dcm2niix",
  "ConversionSoftwareVersion": "v1.0.20190902",
  "DerivedVendorReportedEchoSpacing": 0.000560011,
  "DeviceSerialNumber": "167006",
  "DwellTime": 2.1e-06,
  "EchoTime": 0.037,
  "EchoTrainLength": 104,
  "EffectiveEchoSpacing": 0.000560011,
  "FlipAngle": 52,
  "ImageComments": "Unaliased_MB4_PE3_LB",
  "ImageOrientationPatientDICOM": [0.999448, 0.00658743, 0.0325533, 0.0113388, 0.853572, -0.520851],
  "ImageType": [
    "ORIGINAL",
    "PRIMARY",
    "M",
    "MB",
    "ND",
    "MOSAIC"
],
  "ImagingFrequency": 123.259,
  "InPlanePhaseEncodingDirectionDICOM": "COL",
  "InstitutionAddress": "Chemin_Queen-Mary_4565_Montreal_District_CA_H3W_1W5",
  "InstitutionName": "IUGM",
  "InstitutionalDepartmentName": "Department",
  "MRAcquisitionType": "2D",
  "MagneticFieldStrength": 3,
  "Manufacturer": "Siemens",
  "ManufacturersModelName": "Prisma_fit",
  "Modality": "MR",
  "MultibandAccelerationFactor": 4,
  "PartialFourier": 1,
  "PatientPosition": "HFS",
  "PercentPhaseFOV": 100,
  "PhaseEncodingDirection": "j",
  "PhaseEncodingSteps": 104,
  "PhaseResolution": 1,
  "PixelBandwidth": 2290,
  "ProcedureStepDescription": "games_shinobi",
  "ProtocolName": "func_task-shinobi_run-1",
  "PulseSequenceDetails": "%CustomerSeq%_cmrr_mbep2d_bold",
  "ReceiveCoilActiveElements": "HC1-7;NC1,2",
  "ReceiveCoilName": "HeadNeck_64",
  "ReconMatrixPE": 104,
  "RepetitionTime": 1.49,
  "SAR": 0.0337908,
  "ScanOptions": "FS",
  "ScanningSequence": "EP",
  "SequenceName": "epfid2d1_104",
  "SequenceVariant": "SK_SS",
  "SeriesDescription": "func_task-shinobi_run-1",
  "SeriesNumber": 9,
  "ShimSetting": [625, -7200, -8886, 360, -24, -190, 10, -22],
  "SliceThickness": 2,
  "SliceTiming": [0, 0.785, 0.1, 0.8825, 0.1975, 0.98, 0.295, 1.08, 0.3925, 1.1775, 0.49, 1.275, 0.59, 1.3725, 0.6875, 0, 0.785, 0.1, 0.8825, 0.1975, 0.98, 0.295, 1.08, 0.3925, 1.1775, 0.49, 1.275, 0.59, 1.3725, 0.6875, 0, 0.785, 0.1, 0.8825, 0.1975, 0.98, 0.295, 1.08, 0.3925, 1.1775, 0.49, 1.275, 0.59, 1.3725, 0.6875, 0, 0.785, 0.1, 0.8825, 0.1975, 0.98, 0.295, 1.08, 0.3925, 1.1775, 0.49, 1.275, 0.59, 1.3725, 0.6875],
  "SoftwareVersions": "syngo_MR_E11",
  "SpacingBetweenSlices": 2,
  "StationName": "MRC35049",
  "TaskName": "shinobi",
  "TotalReadoutTime": 0.0576811,
  "TxRefAmp": 245.156,
  "WipMemBlock": "8d146af8-ea9f-4987-bbe7-1a62cdb39281||Sequence: R016 ve11c/master r/e634e98; Dec 19 2017 11:00:25 by eja",
  "dcmmeta_affine": [
    [-1.998896598815918, 0.022677671164274216, 0.06243541091680527, 104.33401489257812],
    [-0.013174869120121002, 1.707144856452942, -1.0418651103973389, -49.25880432128906],
    [0.06510668247938156, 1.0417015552520752, 1.706053614616394, -100.60205078125],
    [0.0, 0.0, 0.0, 1.0]
],
  "dcmmeta_reorient_transform": [
    [0.0, -1.0, 0.0, 103.0],
    [1.0, 0.0, 0.0, 0.0],
    [0.0, 0.0, 1.0, 0.0],
    [0.0, 0.0, 0.0, 1.0]
],
  "dcmmeta_shape": [104, 104, 60, 17],
  "dcmmeta_slice_dim": 2,
  "dcmmeta_version": 0.6,
  "global": {
    "const": {
      "AcquisitionMatrix": [104, 0, 0, 104],
      "AngioFlag": "N",
      "BitsAllocated": 16,
      "BitsStored": 16,
      "BodyPartExamined": "BRAIN",
      "Columns": 832,
      "EchoNumbers": 1,
      "EchoTime": 37.0,
      "EchoTrainLength": 104,
      "FlipAngle": 52.0,
      "HighBit": 15,
      "ImageOrientationPatient": [0.99944829067512, 0.00658743464405, 0.0325533404031, 0.01133883549158, 0.85357243788567, -0.5208507695028],
      "ImagePositionPatient": [-842.52284150347, -752.77350497256, 362.17373551653],
      "ImageType": [
        "ORIGINAL",
        "PRIMARY",
        "M",
        "MB",
        "ND",
        "MOSAIC"
],
      "ImagedNucleus": "1H",
      "ImagingFrequency": 123.259064,
      "InPlanePhaseEncodingDirection": "COL",
      "MRAcquisitionType": "2D",
      "MagneticFieldStrength": 3.0,
      "Manufacturer": "SIEMENS",
      "ManufacturerModelName": "Prisma_fit",
      "Modality": "MR",
      "NumberOfAverages": 1.0,
      "NumberOfPhaseEncodingSteps": 104,
      "PercentPhaseFieldOfView": 100.0,
      "PercentSampling": 100.0,
      "PerformedProcedureStepStartTime": "104131.841000",
      "PhotometricInterpretation": "MONOCHROME2",
      "PixelBandwidth": 2290.0,
      "PixelRepresentation": 0,
      "PixelSpacing": [2.0, 2.0],
      "ProtocolName": "func_task-shinobi_run-1",
      "RepetitionTime": 1490.0,
      "Rows": 832,
      "SAR": 0.03379076388462,
      "SamplesPerPixel": 1,
      "ScanOptions": "FS",
      "ScanningSequence": "EP",
      "SequenceName": "epfid2d1_104",
      "SequenceVariant": [
        "SK",
        "SS"
],
      "SeriesDescription": "func_task-shinobi_run-1",
      "SeriesNumber": 9,
      "SeriesTime": "105527.430000",
      "SliceLocation": -56.898666056974,
      "SliceThickness": 2.0,
      "SmallestImagePixelValue": 0,
      "SoftwareVersions": "syngo MR E11",
      "SpacingBetweenSlices": 2.0000000028909,
      "SpecificCharacterSet": "ISO_IR 100",
      "StudyID": "1",
      "StudyTime": "104131.746000",
      "TransmitCoilName": "Body",
      "VariableFlipAngleFlag": "N",
      "dBdt": 0.0},
    "slices": {}
  },
  "time": {
    "samples": {
      "AcquisitionNumber": [1, 2, 3, 4, 5, 6, 7, 8, 9, 10, 11, 12, 13, 14, 15, 16, 17],
      "AcquisitionTime": ["105421.102500", "105422.592500", "105424.082500", "105425.572500", "105427.062500", "105428.552500", "105430.042500", "105431.532500", "105433.022500", "105434.512500", "105436.002500", "105437.492500", "105438.982500", "105440.472500", "105441.962500", "105443.452500", "105444.942500"],
      "ContentTime": ["105527.435000", "105527.438000", "105527.442000", "105527.445000", "105527.448000", "105527.452000", "105527.455000", "105527.458000", "105527.462000", "105527.465000", "105527.468000", "105527.478000", "105527.481000", "105527.484000", "105527.487000", "105527.491000", "105527.494000"],
      "InstanceCreationTime": ["105527.435000", "105527.438000", "105527.442000", "105527.445000", "105527.448000", "105527.452000", "105527.455000", "105527.458000", "105527.462000", "105527.465000", "105527.468000", "105527.478000", "105527.481000", "105527.484000", "105527.487000", "105527.491000", "105527.494000"],
      "InstanceNumber": [1, 2, 3, 4, 5, 6, 7, 8, 9, 10, 11, 12, 13, 14, 15, 16, 17],
      "LargestImagePixelValue": [48277, 46352, 46034, 45941, 45384, 44046, 44779, 44684, 44577, 45858, 45314, 46600, 45537, 44068, 44485, 44761, 43114],
      "WindowCenter": [11117.0, 11040.0, 11045.0, 11020.0, 11024.0, 11021.0, 6298.0, 11020.0, 11018.0, 11029.0, 11010.0, 11027.0, 11027.0, 10968.0, 10989.0, 11000.0, 10979.0],
      "WindowCenterWidthExplanation": [
        "Algo1",
        "Algo1",
        "Algo1",
        "Algo1",
        "Algo1",
        "Algo1",
        "WINDOW1",
        "Algo1",
        "Algo1",
        "Algo1",
        "Algo1",
        "Algo1",
        "Algo1",
        "Algo1",
        "Algo1",
        "Algo1",
        "Algo1"
],
      "WindowWidth": [23937.0, 23723.0, 23721.0, 23648.0, 23653.0, 23643.0, 15088.0, 23640.0, 23638.0, 23660.0, 23617.0, 23654.0, 23661.0, 23525.0, 23567.0, 23587.0, 23544.0]
    },
    "slices": {}
  }
}