{
  "AcquisitionMatrixPE": 104,
  "AcquisitionNumber": 1,
  "AcquisitionTime": "10:54:10.672500",
  "BandwidthPerPixelPhaseEncode": 17.17,
  "BaseResolution": 104,
  "BodyPartExamined": "BRAIN",
  "CoilString": "HC1-7;NC1_2",
  "ConsistencyInfo": "N4_VE11C_LATEST_20160120",
  "ConversionSoftware": "dcm2niix",
  "ConversionSoftwareVersion": "v1.0.20190902",
  "DerivedVendorReportedEchoSpacing": 0.000560011,
  "DeviceSerialNumber": "167006",
  "DwellTime": 2.1e-06,
  "EchoTime": 0.037,
  "EchoTrainLength": 104,
  "EffectiveEchoSpacing": 0.000560011,
  "FlipAngle": 52,
  "ImageComments": "Single-band_reference",
  "ImageOrientationPatientDICOM": [0.999448, 0.00658743, 0.0325533, 0.0113388, 0.853572, -0.520851],
  "ImageType": [
    "ORIGINAL",
    "PRIMARY",
    "M",
    "ND",
    "MOSAIC"
],
  "ImagingFrequency": 123.259,
  "InPlanePhaseEncodingDirectionDICOM": "COL",
  "InstitutionAddress": "Chemin_Queen-Mary_4565_Montreal_District_CA_H3W_1W5",
  "InstitutionName": "IUGM",
  "InstitutionalDepartmentName": "Department",
  "MRAcquisitionType": "2D",
  "MagneticFieldStrength": 3,
  "Manufacturer": "Siemens",
  "ManufacturersModelName": "Prisma_fit",
  "Modality": "MR",
  "PartialFourier": 1,
  "PatientPosition": "HFS",
  "PercentPhaseFOV": 100,
  "PhaseEncodingDirection": "j",
  "PhaseEncodingSteps": 104,
  "PhaseResolution": 1,
  "PixelBandwidth": 2290,
  "ProcedureStepDescription": "games_shinobi",
  "ProtocolName": "func_task-shinobi_run-1",
  "PulseSequenceDetails": "%CustomerSeq%_cmrr_mbep2d_bold",
  "ReceiveCoilActiveElements": "HC1-7;NC1,2",
  "ReceiveCoilName": "HeadNeck_64",
  "ReconMatrixPE": 104,
  "RepetitionTime": 1.49,
  "SAR": 0.0337908,
  "ScanOptions": "FS",
  "ScanningSequence": "EP",
  "SequenceName": "epfid2d1_104",
  "SequenceVariant": "SK_SS",
  "SeriesDescription": "func_task-shinobi_run-1_SBRef",
  "SeriesNumber": 8,
  "ShimSetting": [625, -7200, -8886, 360, -24, -190, 10, -22],
  "SliceThickness": 2,
  "SliceTiming": [0, 0.1, 0.1975, 0.295, 0.3925, 0.49, 0.59, 0.6875, 0.785, 0.8825, 0.98, 1.08, 1.1775, 1.275, 1.3725, 1.47, 1.5675, 1.6675, 1.765, 1.8625, 1.96, 2.0575, 2.1575, 2.255, 2.3525, 2.45, 2.5475, 2.6475, 2.745, 2.8425, 2.94, 3.0375, 3.1375, 3.235, 3.3325, 3.43, 3.5275, 3.6275, 3.725, 3.8225, 3.92, 4.0175, 4.1175, 4.215, 4.3125, 4.41, 4.5075, 4.6075, 4.705, 4.8025, 4.9, 4.9975, 5.0975, 5.195, 5.2925, 5.39, 5.4875, 5.5875, 5.685, 5.7825],
  "SoftwareVersions": "syngo_MR_E11",
  "SpacingBetweenSlices": 2,
  "StationName": "MRC35049",
  "TaskName": "shinobi",
  "TotalReadoutTime": 0.0576811,
  "TxRefAmp": 245.156,
  "WipMemBlock": "8d146af8-ea9f-4987-bbe7-1a62cdb39281||Sequence: R016 ve11c/master r/e634e98; Dec 19 2017 11:00:25 by eja",
  "dcmmeta_affine": [
    [-1.998896598815918, 0.022677671164274216, 0.06243541091680527, 104.33401489257812],
    [-0.013174869120121002, 1.707144856452942, -1.0418651103973389, -49.25880432128906],
    [0.06510668247938156, 1.0417015552520752, 1.706053614616394, -100.60205078125],
    [0.0, 0.0, 0.0, 1.0]
],
  "dcmmeta_reorient_transform": [
    [0.0, -1.0, 0.0, 103.0],
    [1.0, 0.0, 0.0, 0.0],
    [0.0, 0.0, 1.0, 0.0],
    [0.0, 0.0, 0.0, 1.0]
],
  "dcmmeta_shape": [104, 104, 60],
  "dcmmeta_slice_dim": 2,
  "dcmmeta_version": 0.6,
  "global": {
    "const": {
      "AcquisitionMatrix": [104, 0, 0, 104],
      "AcquisitionNumber": 1,
      "AcquisitionTime": "105410.672500",
      "AngioFlag": "N",
      "BitsAllocated": 16,
      "BitsStored": 16,
      "BodyPartExamined": "BRAIN",
      "Columns": 832,
      "ContentTime": "105527.401000",
      "EchoNumbers": 1,
      "EchoTime": 37.0,
      "EchoTrainLength": 104,
      "FlipAngle": 52.0,
      "HighBit": 15,
      "ImageOrientationPatient": [0.99944829067512, 0.00658743464405, 0.0325533404031, 0.01133883549158, 0.85357243788567, -0.5208507695028],
      "ImagePositionPatient": [-842.52284150347, -752.77350497256, 362.17373551653],
      "ImageType": [
        "ORIGINAL",
        "PRIMARY",
        "M",
        "ND",
        "MOSAIC"
],
      "ImagedNucleus": "1H",
      "ImagingFrequency": 123.259064,
      "InPlanePhaseEncodingDirection": "COL",
      "InstanceCreationTime": "105527.401000",
      "InstanceNumber": 1,
      "LargestImagePixelValue": 65535,
      "MRAcquisitionType": "2D",
      "MagneticFieldStrength": 3.0,
      "Manufacturer": "SIEMENS",
      "ManufacturerModelName": "Prisma_fit",
      "Modality": "MR",
      "NumberOfAverages": 1.0,
      "NumberOfPhaseEncodingSteps": 104,
      "PercentPhaseFieldOfView": 100.0,
      "PercentSampling": 100.0,
      "PerformedProcedureStepStartTime": "104131.841000",
      "PhotometricInterpretation": "MONOCHROME2",
      "PixelBandwidth": 2290.0,
      "PixelRepresentation": 0,
      "PixelSpacing": [2.0, 2.0],
      "ProtocolName": "func_task-shinobi_run-1",
      "RepetitionTime": 1490.0,
      "Rows": 832,
      "SAR": 0.03379076388462,
      "SamplesPerPixel": 1,
      "ScanOptions": "FS",
      "ScanningSequence": "EP",
      "SequenceName": "epfid2d1_104",
      "SequenceVariant": [
        "SK",
        "SS"
],
      "SeriesDescription": "func_task-shinobi_run-1_SBRef",
      "SeriesNumber": 8,
      "SeriesTime": "105527.397000",
      "SliceLocation": -56.898666056974,
      "SliceThickness": 2.0,
      "SmallestImagePixelValue": 0,
      "SoftwareVersions": "syngo MR E11",
      "SpacingBetweenSlices": 2.0000000028909,
      "SpecificCharacterSet": "ISO_IR 100",
      "StudyID": "1",
      "StudyTime": "104131.746000",
      "TransmitCoilName": "Body",
      "VariableFlipAngleFlag": "N",
      "WindowCenter": 13429.0,
      "WindowCenterWidthExplanation": "Algo1",
      "WindowWidth": 29309.0,
      "dBdt": 0.0},
    "slices": {}
  }
}