{
  "AcquisitionMatrixPE": 104,
  "AcquisitionNumber": 1,
  "AcquisitionTime": "13:55:50.795000",
  "BandwidthPerPixelPhaseEncode": 17.17,
  "BaseResolution": 104,
  "BodyPartExamined": "BRAIN",
  "CoilString": "HC1-7;NC1_2",
  "ConsistencyInfo": "N4_VE11C_LATEST_20160120",
  "ConversionSoftware": "dcm2niix",
  "ConversionSoftwareVersion": "v1.0.20190902",
  "DerivedVendorReportedEchoSpacing": 0.000560011,
  "DeviceSerialNumber": "167006",
  "DwellTime": 2.1e-06,
  "EchoTime": 0.037,
  "EchoTrainLength": 104,
  "EffectiveEchoSpacing": 0.000560011,
  "FlipAngle": 52,
  "ImageComments": "Single-band_reference",
  "ImageOrientationPatientDICOM": [0.998784, 0.0323445, -0.037211, -0.039417, 0.97721, -0.208585],
  "ImageType": [
    "ORIGINAL",
    "PRIMARY",
    "M",
    "ND",
    "MOSAIC"
],
  "ImagingFrequency": 123.259,
  "InPlanePhaseEncodingDirectionDICOM": "COL",
  "InstitutionAddress": "Chemin_Queen-Mary_4565_Montreal_District_CA_H3W_1W5",
  "InstitutionName": "IUGM",
  "InstitutionalDepartmentName": "Department",
  "MRAcquisitionType": "2D",
  "MagneticFieldStrength": 3,
  "Manufacturer": "Siemens",
  "ManufacturersModelName": "Prisma_fit",
  "Modality": "MR",
  "PartialFourier": 1,
  "PatientPosition": "HFS",
  "PercentPhaseFOV": 100,
  "PhaseEncodingDirection": "j",
  "PhaseEncodingSteps": 104,
  "PhaseResolution": 1,
  "PixelBandwidth": 2290,
  "ProcedureStepDescription": "games_shinobi",
  "ProtocolName": "func_task-shinobi_run-4",
  "PulseSequenceDetails": "%CustomerSeq%_cmrr_mbep2d_bold",
  "ReceiveCoilActiveElements": "HC1-7;NC1,2",
  "ReceiveCoilName": "HeadNeck_64",
  "ReconMatrixPE": 104,
  "RepetitionTime": 1.49,
  "SAR": 0.028816,
  "ScanOptions": "FS",
  "ScanningSequence": "EP",
  "SequenceName": "epfid2d1_104",
  "SequenceVariant": "SK_SS",
  "SeriesDescription": "func_task-shinobi_run-4_SBRef",
  "SeriesNumber": 16,
  "ShimSetting": [598, -7258, -8836, 606, -52, -313, 28, 57],
  "SliceThickness": 2,
  "SliceTiming": [0, 0.0975, 0.195, 0.295, 0.3925, 0.49, 0.5875, 0.685, 0.785, 0.8825, 0.98, 1.0775, 1.175, 1.275, 1.3725, 1.47, 1.5675, 1.665, 1.765, 1.8625, 1.96, 2.0575, 2.155, 2.255, 2.3525, 2.45, 2.5475, 2.645, 2.745, 2.8425, 2.94, 3.0375, 3.135, 3.235, 3.3325, 3.43, 3.5275, 3.625, 3.7225, 3.8225, 3.92, 4.0175, 4.115, 4.2125, 4.3125, 4.41, 4.5075, 4.605, 4.7025, 4.8025, 4.9, 4.9975, 5.095, 5.1925, 5.2925, 5.39, 5.4875, 5.585, 5.6825, 5.7825],
  "SoftwareVersions": "syngo_MR_E11",
  "SpacingBetweenSlices": 2,
  "StationName": "MRC35049",
  "TotalReadoutTime": 0.0576811,
  "TxRefAmp": 216.036,
  "WipMemBlock": "099fc8fa-9d5e-4b2d-aa9a-2b7bbd780ff7||Sequence: R016 ve11c/master r/e634e98; Dec 19 2017 11:00:25 by eja",
  "dcmmeta_affine": [
    [-1.9975676536560059, -0.07883396744728088, -0.05923270061612129, 109.11802673339844],
    [-0.06468908488750458, 1.9544192552566528, -0.41959598660469055, -70.91895294189453],
    [-0.0744219720363617, 0.41716983914375305, 1.954592227935791, -48.3197135925293],
    [0.0, 0.0, 0.0, 1.0]
],
  "dcmmeta_reorient_transform": [
    [0.0, -1.0, 0.0, 103.0],
    [1.0, 0.0, 0.0, 0.0],
    [0.0, 0.0, 1.0, 0.0],
    [0.0, 0.0, 0.0, 1.0]
],
  "dcmmeta_shape": [104, 104, 60],
  "dcmmeta_slice_dim": 2,
  "dcmmeta_version": 0.6,
  "global": {
    "const": {
      "AcquisitionMatrix": [104, 0, 0, 104],
      "AcquisitionNumber": 1,
      "AcquisitionTime": "135550.795000",
      "AngioFlag": "N",
      "BitsAllocated": 16,
      "BitsStored": 16,
      "BodyPartExamined": "BRAIN",
      "Columns": 832,
      "ContentTime": "135726.149000",
      "EchoNumbers": 1,
      "EchoTime": 37.0,
      "EchoTrainLength": 104,
      "FlipAngle": 52.0,
      "HighBit": 15,
      "ImageOrientationPatient": [0.99878384709372, 0.03234454124126, -0.0372109854284, -0.0394169840392, 0.97720961662301, -0.2085849144803],
      "ImagePositionPatient": [-799.41720488528, -865.34165463421, 173.5881929813],
      "ImageType": [
        "ORIGINAL",
        "PRIMARY",
        "M",
        "ND",
        "MOSAIC"
],
      "ImagedNucleus": "1H",
      "ImagingFrequency": 123.259004,
      "InPlanePhaseEncodingDirection": "COL",
      "InstanceCreationTime": "135726.149000",
      "InstanceNumber": 1,
      "LargestImagePixelValue": 65535,
      "MRAcquisitionType": "2D",
      "MagneticFieldStrength": 3.0,
      "Manufacturer": "SIEMENS",
      "ManufacturerModelName": "Prisma_fit",
      "Modality": "MR",
      "NumberOfAverages": 1.0,
      "NumberOfPhaseEncodingSteps": 104,
      "PercentPhaseFieldOfView": 100.0,
      "PercentSampling": 100.0,
      "PerformedProcedureStepStartTime": "120739.680000",
      "PhotometricInterpretation": "MONOCHROME2",
      "PixelBandwidth": 2290.0,
      "PixelRepresentation": 0,
      "PixelSpacing": [2.0, 2.0],
      "ProtocolName": "func_task-shinobi_run-4",
      "RepetitionTime": 1490.0,
      "Rows": 832,
      "SAR": 0.02881599043873,
      "SamplesPerPixel": 1,
      "ScanOptions": "FS",
      "ScanningSequence": "EP",
      "SequenceName": "epfid2d1_104",
      "SequenceVariant": [
        "SK",
        "SS"
],
      "SeriesDescription": "func_task-shinobi_run-4_SBRef",
      "SeriesNumber": 16,
      "SeriesTime": "135726.145000",
      "SliceLocation": -35.575692688292,
      "SliceThickness": 2.0,
      "SmallestImagePixelValue": 0,
      "SoftwareVersions": "syngo MR E11",
      "SpacingBetweenSlices": 1.9999999978012,
      "SpecificCharacterSet": "ISO_IR 100",
      "StudyID": "1",
      "StudyTime": "120739.622000",
      "TransmitCoilName": "Body",
      "VariableFlipAngleFlag": "N",
      "WindowCenter": 12041.0,
      "WindowCenterWidthExplanation": "Algo1",
      "WindowWidth": 26028.0,
      "dBdt": 0.0},
    "slices": {}
  }
}